PATH
  remote: .
  specs:
    rspectacles (0.0.9)
      em-hiredis (~> 0.2.1)
      rake
      redis
      sinatra (~> 1.4.5)
      thin (>= 1.5.1)

GEM
  remote: https://rubygems.org/
  specs:
    daemons (1.1.9)
    diff-lcs (1.2.5)
    em-hiredis (0.2.1)
      hiredis (~> 0.4.0)
    eventmachine (1.0.3)
    hiredis (0.4.5)
    rack (1.5.2)
    rack-protection (1.5.3)
      rack
    rake (10.3.1)
    redis (3.0.7)
    rspec (3.0.0)
      rspec-core (~> 3.0.0)
      rspec-expectations (~> 3.0.0)
      rspec-mocks (~> 3.0.0)
    rspec-core (3.0.3)
      rspec-support (~> 3.0.0)
    rspec-expectations (3.0.3)
      diff-lcs (>= 1.2.0, < 2.0)
      rspec-support (~> 3.0.0)
    rspec-mocks (3.0.3)
      rspec-support (~> 3.0.0)
    rspec-support (3.0.3)
    sinatra (1.4.5)
      rack (~> 1.4)
      rack-protection (~> 1.4)
      tilt (~> 1.3, >= 1.3.4)
    thin (1.6.2)
      daemons (>= 1.0.9)
      eventmachine (>= 1.0.0)
      rack (>= 1.0.0)
    tilt (1.4.1)

PLATFORMS
  ruby

DEPENDENCIES
  rspec
  rspectacles!
