PATH
  remote: .
  specs:
    rspectacles (0.1.3)
      em-hiredis (>= 0.3.0)
      rake
      redis
      sinatra (>= 1.4.5)
      thin (>= 1.5.1)

GEM
  remote: https://rubygems.org/
  specs:
    daemons (1.2.4)
    diff-lcs (1.1.3)
    em-hiredis (0.3.1)
      eventmachine (~> 1.0)
      hiredis (~> 0.6.0)
    eventmachine (1.2.3)
    hiredis (0.6.1)
    rack (1.6.8)
    rack-protection (1.5.3)
      rack
    rake (12.0.0)
    redis (3.3.3)
    rspec (2.12.0)
      rspec-core (~> 2.12.0)
      rspec-expectations (~> 2.12.0)
      rspec-mocks (~> 2.12.0)
    rspec-core (2.12.2)
    rspec-expectations (2.12.1)
      diff-lcs (~> 1.1.3)
    rspec-mocks (2.12.2)
    sinatra (1.4.7)
      rack (~> 1.5)
      rack-protection (~> 1.4)
      tilt (>= 1.3, < 3)
    thin (1.7.0)
      daemons (~> 1.0, >= 1.0.9)
      eventmachine (~> 1.0, >= 1.0.4)
      rack (>= 1, < 3)
    tilt (2.0.7)

PLATFORMS
  ruby

DEPENDENCIES
  rspec
  rspectacles!

BUNDLED WITH
   1.14.6
